GEM
  remote: http://rubygems.org/
  specs:
    addressable (2.2.6)
    daemons (1.1.0)
    eventmachine (0.12.10)
    faraday (0.4.6)
      addressable (>= 2.1.1)
      rack (>= 1.0.1)
    rack (1.3.0)
    rmagick (2.13.1)
    sinatra (1.2.6)
      rack (~> 1.1)
      tilt (< 2.0, >= 1.2.2)
    thin (1.2.11)
      daemons (>= 1.0.9)
      eventmachine (>= 0.12.6)
      rack (>= 1.0.0)
    tilt (1.3.2)

PLATFORMS
  ruby

DEPENDENCIES
  faraday
  rmagick
  sinatra
  thin
